GEM
  remote: https://rubygems.org/
  specs:
    rjb (1.5.1)
    romankana (0.2.1)

PLATFORMS
  ruby

DEPENDENCIES
  rjb
  romankana
